PATH
  remote: .
  specs:
    wordpress-deploy (1.0.0.alpha2)
      colorize (~> 0.5.8)
      os (~> 0.9.4)
      thor (~> 0.15.4)
      titleize (~> 1.2.1)

GEM
  remote: https://rubygems.org/
  specs:
    colorize (0.5.8)
    diff-lcs (1.1.3)
    ffi (1.1.4)
    guard (1.3.0)
      listen (>= 0.4.2)
      thor (>= 0.14.6)
    guard-rspec (1.2.1)
      guard (>= 1.1)
    listen (0.4.7)
      rb-fchange (~> 0.0.5)
      rb-fsevent (~> 0.9.1)
      rb-inotify (~> 0.8.8)
    os (0.9.6)
    rake (0.9.2.2)
    rb-fchange (0.0.5)
      ffi
    rb-fsevent (0.9.1)
    rb-inotify (0.8.8)
      ffi (>= 0.5.0)
    rspec (2.11.0)
      rspec-core (~> 2.11.0)
      rspec-expectations (~> 2.11.0)
      rspec-mocks (~> 2.11.0)
    rspec-core (2.11.1)
    rspec-expectations (2.11.2)
      diff-lcs (~> 1.1.3)
    rspec-mocks (2.11.1)
    thor (0.15.4)
    titleize (1.2.1)

PLATFORMS
  ruby

DEPENDENCIES
  guard-rspec (~> 1.2.1)
  rake (~> 0.9.2.2)
  rspec (~> 2.11.0)
  wordpress-deploy!
