PATH
  remote: .
  specs:
    wordpress-deploy (1.0.0.alpha2)
      colorize (~> 0.5.8)
      os (~> 0.9.4)
      thor (~> 0.15.4)
      titleize (~> 1.2.1)

GEM
  remote: https://rubygems.org/
  specs:
    colorize (0.5.8)
    diff-lcs (1.1.3)
    os (0.9.6)
    rspec (2.11.0)
      rspec-core (~> 2.11.0)
      rspec-expectations (~> 2.11.0)
      rspec-mocks (~> 2.11.0)
    rspec-core (2.11.1)
    rspec-expectations (2.11.2)
      diff-lcs (~> 1.1.3)
    rspec-mocks (2.11.1)
    thor (0.15.4)
    titleize (1.2.1)

PLATFORMS
  ruby

DEPENDENCIES
  rspec (~> 2.11.0)
  wordpress-deploy!
